PATH
  remote: .
  specs:
    remotransmission (1.0.2)
      choice (~> 0.1)
      json (~> 1.8.0)

GEM
  remote: https://rubygems.org/
  specs:
    choice (0.1.6)
    json (1.8.0)
    rake (10.1.0)

PLATFORMS
  ruby

DEPENDENCIES
  rake
  remotransmission!
