PATH
  remote: .
  specs:
    remotransmission (1.0.1)
      choice (~> 0.1)
      json (~> 1.7.5)

GEM
  remote: https://rubygems.org/
  specs:
    choice (0.1.6)
    json (1.7.7)
    rake (0.9.2.2)

PLATFORMS
  ruby

DEPENDENCIES
  rake
  remotransmission!
